GEM
  remote: http://rubygems.org/
  specs:
    base64 (0.2.0)
    gabba (1.0.1)
    kgio (2.11.4)
    mustermann (3.0.0)
      ruby2_keywords (~> 0.0.1)
    power_assert (2.0.3)
    rack (3.0.10)
    rack-protection (4.0.0)
      base64 (>= 0.1.0)
      rack (>= 3.0.0, < 4)
    rack-session (2.0.0)
      rack (>= 3.0.0)
    rack-test (2.1.0)
      rack (>= 1.3)
    raindrops (0.20.1)
    rake (13.2.1)
    ruby2_keywords (0.0.5)
    semantic (1.6.1)
    sinatra (4.0.0)
      mustermann (~> 3.0)
      rack (>= 3.0.0, < 4)
      rack-protection (= 4.0.0)
      rack-session (>= 2.0.0, < 3)
      tilt (~> 2.0)
    test-unit (3.6.2)
      power_assert
    tilt (2.3.0)
    unicorn (6.1.0)
      kgio (~> 2.6)
      raindrops (~> 0.7)

PLATFORMS
  ruby

DEPENDENCIES
  gabba
  rack-test
  rake
  semantic
  sinatra
  test-unit
  unicorn

RUBY VERSION
   ruby 3.2.0p0

BUNDLED WITH
   2.4.1
