GEM
  remote: http://rubygems.org/
  specs:
    kgio (2.11.4)
    mustermann (3.0.0)
      ruby2_keywords (~> 0.0.1)
    power_assert (2.0.3)
    rack (2.2.8.1)
    rack-protection (3.0.6)
      rack
    rack-test (1.1.0)
      rack (>= 1.0, < 3)
    raindrops (0.20.1)
    rake (13.0.6)
    ruby2_keywords (0.0.5)
    semantic (1.6.1)
    sinatra (3.0.6)
      mustermann (~> 3.0)
      rack (~> 2.2, >= 2.2.4)
      rack-protection (= 3.0.6)
      tilt (~> 2.0)
    test-unit (3.6.0)
      power_assert
    tilt (2.2.0)
    unicorn (6.1.0)
      kgio (~> 2.6)
      raindrops (~> 0.7)

PLATFORMS
  ruby

DEPENDENCIES
  rack-test
  rake
  semantic
  sinatra
  test-unit
  unicorn

RUBY VERSION
   ruby 3.3.0p0

BUNDLED WITH
   2.1.4
