GEM
  remote: http://rubygems.org/
  specs:
    gabba (1.0.1)
    kgio (2.11.2)
    mustermann (1.0.3)
    power_assert (1.1.3)
    rack (2.0.8)
    rack-protection (2.0.5)
      rack
    rack-test (1.1.0)
      rack (>= 1.0, < 3)
    raindrops (0.19.0)
    rake (12.3.3)
    semantic (1.6.1)
    sinatra (2.0.5)
      mustermann (~> 1.0)
      rack (~> 2.0)
      rack-protection (= 2.0.5)
      tilt (~> 2.0)
    test-unit (3.2.9)
      power_assert
    tilt (2.0.9)
    unicorn (5.4.1)
      kgio (~> 2.6)
      raindrops (~> 0.7)

PLATFORMS
  ruby

DEPENDENCIES
  gabba
  rack-test
  rake
  semantic
  sinatra
  test-unit
  unicorn

RUBY VERSION
   ruby 2.6.8p205

BUNDLED WITH
   2.1.4
